GIT
  remote: https://github.com/lazyatom/vanilla-rb.git
  revision: 3811457189cd1707328dab3b6e429591aa36dfd0
  specs:
    vanilla (2.0.0.beta)
      BlueCloth (>= 1.0.0)
      RedCloth (>= 4.1.1)
      haml (>= 3.1)
      parslet (>= 1.5.0)
      rack (>= 0.9.1)
      rack-test (>= 0.5.7)
      ratom (>= 0.3.5)
      soup (>= 1.0.13)

GEM
  remote: https://rubygems.org/
  specs:
    BlueCloth (1.0.1)
    RedCloth (4.3.2)
    concurrent-ruby (1.0.5)
    haml (3.1.8)
    httparty (0.16.2)
      multi_xml (>= 0.5.2)
    json (2.1.0)
    kramdown (1.16.2)
    libxml-ruby (2.9.0)
    multi_json (1.13.1)
    multi_xml (0.6.0)
    parslet (1.8.2)
    puma (3.11.4)
    pygments.rb (1.2.1)
      multi_json (>= 1.0.0)
    rack (2.0.5)
    rack-test (1.0.0)
      rack (>= 1.0, < 3)
    rake (12.3.1)
    ratom (0.9.0)
      libxml-ruby (~> 2.6)
    raygun4ruby (2.7.0)
      concurrent-ruby
      httparty (> 0.13.7)
      json
      rack
    soup (1.0.14)

PLATFORMS
  ruby

DEPENDENCIES
  kramdown
  puma
  pygments.rb
  rake
  raygun4ruby
  vanilla!

RUBY VERSION
   ruby 2.5.1p57

BUNDLED WITH
   1.16.2
