GIT
  remote: https://github.com/lazyatom/vanilla-rb.git
  revision: 9cf0c13da0c6f1a3f6d3d75cf102dc13a2689c3a
  specs:
    vanilla (2.0.0.beta)
      RedCloth (>= 4.1.1)
      bluecloth (>= 2.0.0)
      haml (>= 3.1)
      parslet (>= 1.5.0)
      rack (>= 0.9.1)
      rack-test (>= 0.5.7)
      ratom (>= 0.3.5)
      soup (>= 1.0.13)

GEM
  remote: https://rubygems.org/
  specs:
    RedCloth (4.3.2)
    bluecloth (2.2.0)
    concurrent-ruby (1.1.6)
    ffi (1.13.1)
    haml (5.1.2)
      temple (>= 0.8.0)
      tilt
    httparty (0.18.1)
      mime-types (~> 3.0)
      multi_xml (>= 0.5.2)
    json (2.3.1)
    kramdown (2.3.0)
      rexml
    libxml-ruby (2.9.0)
    mime-types (3.3.1)
      mime-types-data (~> 3.2015)
    mime-types-data (3.2020.0512)
    multi_xml (0.6.0)
    nio4r (2.5.2)
    parslet (2.0.0)
    puma (4.3.5)
      nio4r (~> 2.0)
    rack (2.2.3)
    rack-test (1.1.0)
      rack (>= 1.0, < 3)
    rake (13.0.1)
    ratom (0.9.0)
      libxml-ruby (~> 2.6)
    raygun4ruby (3.2.1)
      concurrent-ruby
      httparty (> 0.13.7)
      json
      rack
    rexml (3.2.4)
    rouge (3.20.0)
    sassc (2.4.0)
      ffi (~> 1.9)
    soup (1.0.14)
    temple (0.8.2)
    tilt (2.0.10)

PLATFORMS
  ruby

DEPENDENCIES
  kramdown
  puma
  rake
  raygun4ruby
  rouge
  sassc
  vanilla!

RUBY VERSION
   ruby 2.7.5p203

BUNDLED WITH
   1.17.3
